GEM
  remote: https://rubygems.org/
  specs:
    byebug (11.1.3)
    ethon (0.12.0)
      ffi (>= 1.3.0)
    faraday (1.0.1)
      multipart-post (>= 1.2, < 3)
    ffi (1.13.1)
    multipart-post (2.1.1)
    typhoeus (1.4.0)
      ethon (>= 0.9.0)

PLATFORMS
  ruby

DEPENDENCIES
  byebug
  faraday
  typhoeus

BUNDLED WITH
   2.1.4
